PATH
  remote: .
  specs:
    ip_format_validator (0.0.2)
      activemodel

GEM
  remote: https://rubygems.org/
  specs:
    activemodel (4.0.2)
      activesupport (= 4.0.2)
      builder (~> 3.1.0)
    activesupport (4.0.2)
      i18n (~> 0.6, >= 0.6.4)
      minitest (~> 4.2)
      multi_json (~> 1.3)
      thread_safe (~> 0.1)
      tzinfo (~> 0.3.37)
    builder (3.1.4)
    i18n (0.6.9)
    minitest (4.7.5)
    multi_json (1.10.1)
    rake (10.3.2)
    thread_safe (0.3.4)
    tzinfo (0.3.39)

PLATFORMS
  ruby

DEPENDENCIES
  bundler (~> 1.6)
  ip_format_validator!
  rake
